GEM
  remote: https://rubygems.org/
  specs:
    pg (1.2.3)

PLATFORMS
  x86_64-linux

DEPENDENCIES
  pg

BUNDLED WITH
   2.2.3
