GIT
  remote: https://github.com/ruby/irb
  revision: 9bb6562d0d841fd294e95bbb690e812cbd5090ce
  specs:
    irb (1.2.4)
      reline (>= 0.0.1)

GEM
  remote: https://rubygems.org/
  specs:
    gems (1.1.1)
      json
    io-console (0.5.6)
    json (2.3.1)
    reline (0.1.4)
      io-console (~> 0.5)

PLATFORMS
  ruby

DEPENDENCIES
  bundler (~> 2.1)
  gems (= 1.1.1)
  irb!

RUBY VERSION
   ruby 2.6.6p146

BUNDLED WITH
   2.1.4
