GEM
  remote: https://rubygems.org/
  specs:
    rexml (3.2.4)
    ruby-graphviz (1.2.5)
      rexml
    sqlite3 (1.4.2)

PLATFORMS
  ruby

DEPENDENCIES
  ruby-graphviz
  sqlite3

BUNDLED WITH
   2.0.1
