GEM
  remote: https://rubygems.org/
  specs:
    activesupport (7.0.5)
      concurrent-ruby (~> 1.0, >= 1.0.2)
      i18n (>= 1.6, < 2)
      minitest (>= 5.1)
      tzinfo (~> 2.0)
    bcrypt_pbkdf (1.1.0)
    concurrent-ruby (1.2.2)
    connection_pool (2.4.1)
    dotenv (2.8.1)
    ed25519 (1.3.0)
    ffi (1.15.5)
    i18n (1.14.1)
      concurrent-ruby (~> 1.0)
    listen (3.8.0)
      rb-fsevent (~> 0.10, >= 0.10.3)
      rb-inotify (~> 0.9, >= 0.9.10)
    minitest (5.18.0)
    mrsk (0.13.2)
      activesupport (>= 7.0)
      bcrypt_pbkdf (~> 1.0)
      dotenv (~> 2.8)
      ed25519 (~> 1.2)
      net-ssh (~> 7.0)
      sshkit (~> 1.21)
      thor (~> 1.2)
      zeitwerk (~> 2.5)
    mustermann (3.0.0)
      ruby2_keywords (~> 0.0.1)
    net-scp (4.0.0)
      net-ssh (>= 2.6.5, < 8.0.0)
    net-ssh (7.1.0)
    nio4r (2.5.9)
    puma (6.3.0)
      nio4r (~> 2.0)
    rack (2.2.7)
    rack-protection (3.0.6)
      rack
    rb-fsevent (0.11.2)
    rb-inotify (0.10.1)
      ffi (~> 1.0)
    redis (5.0.6)
      redis-client (>= 0.9.0)
    redis-client (0.14.1)
      connection_pool
    rerun (0.14.0)
      listen (~> 3.0)
    ruby2_keywords (0.0.5)
    sinatra (3.0.6)
      mustermann (~> 3.0)
      rack (~> 2.2, >= 2.2.4)
      rack-protection (= 3.0.6)
      tilt (~> 2.0)
    sshkit (1.21.4)
      net-scp (>= 1.1.2)
      net-ssh (>= 2.8.0)
    thor (1.2.2)
    tilt (2.2.0)
    tzinfo (2.0.6)
      concurrent-ruby (~> 1.0)
    zeitwerk (2.6.8)

PLATFORMS
  ruby

DEPENDENCIES
  mrsk (~> 0.13.2)
  puma (~> 6.3)
  redis (~> 5.0)
  rerun (~> 0.14.0)
  sinatra (~> 3.0)

BUNDLED WITH
   2.2.32
