GEM
  remote: https://rubygems.org/
  specs:
    json (2.6.3)
    rubyzip (2.3.2)

PLATFORMS
  ruby

DEPENDENCIES
  json (~> 2.6)
  rubyzip (~> 2.3)

BUNDLED WITH
   2.4.14
