GEM
  remote: https://rubygems.org/
  specs:
    redis (4.2.5)

PLATFORMS
  x86_64-linux

DEPENDENCIES
  redis

BUNDLED WITH
   2.2.3
