GEM
  remote: https://rubygems.org/
  specs:
    bigdecimal (3.1.8)
    date (3.3.4)
    dotenv (3.1.2)
    ffi (1.17.0)
    listen (3.9.0)
      rb-fsevent (~> 0.10, >= 0.10.3)
      rb-inotify (~> 0.9, >= 0.9.10)
    mail (2.8.1)
      mini_mime (>= 0.1.1)
      net-imap
      net-pop
      net-smtp
    mini_mime (1.1.5)
    mini_portile2 (2.8.7)
    net-imap (0.4.14)
      date
      net-protocol
    net-pop (0.1.2)
      net-protocol
    net-protocol (0.2.2)
      timeout
    net-smtp (0.5.0)
      net-protocol
    nio4r (2.7.3)
    puma (6.4.2)
      nio4r (~> 2.0)
    rack (3.1.7)
    rb-fsevent (0.11.2)
    rb-inotify (0.11.1)
      ffi (~> 1.0)
    rerun (0.14.0)
      listen (~> 3.0)
    roda (3.83.0)
      rack
    roda-mailer_preview (0.1.2)
      roda (>= 2.0, < 5.0)
    sequel (5.83.1)
      bigdecimal
    sqlite3 (2.0.4)
      mini_portile2 (~> 2.8.0)
    timeout (0.4.1)

PLATFORMS
  ruby

DEPENDENCIES
  dotenv (~> 3.1)
  mail (~> 2.8)
  puma (~> 6.4)
  rerun (~> 0.14.0)
  roda (~> 3.83)
  roda-mailer_preview (~> 0.1.2)
  sequel (~> 5.83)
  sqlite3 (~> 2.0)

BUNDLED WITH
   2.5.6
