GEM
  remote: https://rubygems.org/
  specs:
    bcrypt_pbkdf (1.1.0)
    ed25519 (1.3.0)
    net-scp (4.0.0)
      net-ssh (>= 2.6.5, < 8.0.0)
    net-ssh (7.1.0)

PLATFORMS
  ruby

DEPENDENCIES
  bcrypt_pbkdf (~> 1.1)
  ed25519 (~> 1.3)
  net-scp (~> 4.0)
  net-ssh (~> 7.1)

BUNDLED WITH
   2.4.14
