GEM
  remote: https://rubygems.org/
  specs:
    base64 (0.2.0)
    clerk-sdk-ruby (3.2.0)
      concurrent-ruby (~> 1.1)
      faraday (>= 1.4.1, < 3.0)
      jwt (~> 2.5)
    concurrent-ruby (1.3.3)
    dotenv (3.1.2)
    faraday (2.10.1)
      faraday-net_http (>= 2.0, < 3.2)
      logger
    faraday-net_http (3.1.1)
      net-http
    jwt (2.8.2)
      base64
    logger (1.6.0)
    net-http (0.4.1)
      uri
    uri (0.13.0)

PLATFORMS
  ruby

DEPENDENCIES
  clerk-sdk-ruby
  dotenv (~> 3.1)

BUNDLED WITH
   2.5.6
