GEM
  remote: https://rubygems.org/
  specs:
    semver2 (3.4.2)
    sqlite3 (1.4.2)

PLATFORMS
  x86_64-linux

DEPENDENCIES
  semver2 (= 3.4.2)
  sqlite3 (~> 1.4)

BUNDLED WITH
   2.2.3
