GEM
  remote: https://rubygems.org/
  specs:
    dotenv (2.8.1)
    net-scp (4.0.0)
      net-ssh (>= 2.6.5, < 8.0.0)
    net-ssh (7.1.0)
    sshkit (1.21.4)
      net-scp (>= 1.1.2)
      net-ssh (>= 2.8.0)

PLATFORMS
  ruby

DEPENDENCIES
  dotenv (~> 2.8)
  sshkit (~> 1.21)

BUNDLED WITH
   2.4.13
